PATH
  remote: .
  specs:
    rugged_mariadb (0.0.1)
      rugged (~> 0.26.0)

GEM
  remote: https://rubygems.org/
  specs:
    rake (10.3.2)
    rake-compiler (0.9.3)
      rake
    rugged (0.26.0)

PLATFORMS
  ruby

DEPENDENCIES
  bundler (~> 1.7)
  rake (~> 10.0)
  rake-compiler (~> 0.9.3)
  rugged_mariadb!

BUNDLED WITH
   1.16.0
